GEM
  remote: http://rubygems.org/
  specs:
    builder (2.1.2)
    configuration (1.1.0)
    heroku (1.9.11)
      json_pure (>= 1.2.0, < 1.5.0)
      launchy (~> 0.3.2)
      rest-client (~> 1.4.0)
    json_pure (1.4.3)
    launchy (0.3.5)
      configuration (>= 0.0.5)
      rake (>= 0.8.1)
    mechanize (1.0.0)
      nokogiri (>= 1.2.1)
    mime-types (1.16)
    nokogiri (1.4.2)
    oauth (0.4.1)
    pg (0.9.0)
    rack (1.2.1)
    rack-openid (1.0.3)
      rack (>= 0.4)
      ruby-openid (>= 2.1.6)
    rake (0.8.7)
    redgreen (1.2.2)
    rest-client (1.4.2)
      mime-types (>= 1.16)
    ruby-openid (2.1.7)
    sequel (3.13.0)
    sham_rack (1.3.1)
    sinatra (1.0)
      rack (>= 1.0)
    sqlite3-ruby (1.2.5)

PLATFORMS
  ruby

DEPENDENCIES
  builder (~> 2.1.2)
  heroku (~> 1.9.10)
  json_pure (~> 1.4.3)
  mechanize (~> 1.0.0)
  oauth (~> 0.4.1)
  pg (~> 0.9.0)
  rack-openid (~> 1.0.3)
  redgreen (~> 1.2.2)
  sequel (~> 3.13.0)
  sham_rack (~> 1.3.1)
  sinatra (= 1.0)
  sqlite3-ruby (~> 1.2.5)
